GEM
  remote: https://rubygems.org/
  specs:
    builder (3.2.2)
    cucumber (1.2.1)
      builder (>= 2.1.2)
      diff-lcs (>= 1.1.3)
      gherkin (~> 2.11.0)
      json (>= 1.4.6)
    diff-lcs (1.2.5)
    gherkin (2.11.6)
      json (>= 1.7.6)
    json (1.8.3)
    mime-types (3.0)
      mime-types-data (~> 3.2015)
    mime-types-data (3.2015.1120)
    rest-client (1.6.7)
      mime-types (>= 1.16)
    rspec (2.14.1)
      rspec-core (~> 2.14.0)
      rspec-expectations (~> 2.14.0)
      rspec-mocks (~> 2.14.0)
    rspec-core (2.14.8)
    rspec-expectations (2.14.4)
      diff-lcs (>= 1.1.3, < 2.0)
    rspec-mocks (2.14.6)
    term-ansicolor (1.0.7)

PLATFORMS
  ruby

DEPENDENCIES
  cucumber (= 1.2.1)
  gherkin (<= 2.11.6)
  rest-client (= 1.6.7)
  rspec (= 2.14.1)
  rspec-expectations (= 2.14.4)
  term-ansicolor (= 1.0.7)

BUNDLED WITH
   1.11.2
